GEM
  remote: https://rubygems.org/
  specs:
    bigdecimal (1.2.5)
    bitters (0.10.1)
      bourbon (>= 3.2)
      sass (>= 3.2)
      thor
    bourbon (4.0.2)
      sass (~> 3.3)
      thor
    celluloid (0.16.0)
      timers (~> 4.0.0)
    chunky_png (1.3.3)
    coderay (1.1.0)
    compass (1.0.1)
      chunky_png (~> 1.2)
      compass-core (~> 1.0.1)
      compass-import-once (~> 1.0.5)
      rb-fsevent (>= 0.9.3)
      rb-inotify (>= 0.9)
      sass (>= 3.3.13, < 3.5)
    compass-core (1.0.1)
      multi_json (~> 1.0)
      sass (>= 3.3.0, < 3.5)
    compass-import-once (1.0.5)
      sass (>= 3.2, < 3.5)
    em-websocket (0.5.1)
      eventmachine (>= 0.12.9)
      http_parser.rb (~> 0.6.0)
    eventmachine (1.0.4)
    ffi (1.9.6)
    formatador (0.2.5)
    fssm (0.2.10)
    guard (2.10.4)
      formatador (>= 0.2.4)
      listen (~> 2.7)
      lumberjack (~> 1.0)
      nenv (~> 0.1)
      pry (>= 0.9.12)
      thor (>= 0.18.1)
    guard-livereload (2.4.0)
      em-websocket (~> 0.5)
      guard (~> 2.8)
      multi_json (~> 1.8)
    guard-sass (1.6.0)
      guard (>= 2.8.0)
      sass (>= 3.1)
    hitimes (1.2.2)
    httmultiparty (0.3.16)
      httparty (>= 0.7.3)
      mimemagic
      multipart-post
    http_parser.rb (0.6.0)
    httparty (0.13.3)
      json (~> 1.8)
      multi_xml (>= 0.5.2)
    io-console (0.4.2)
    json (1.8.1)
    listen (2.8.4)
      celluloid (>= 0.15.2)
      rb-fsevent (>= 0.9.3)
      rb-inotify (>= 0.9)
    lumberjack (1.0.9)
    method_source (0.8.2)
    mimemagic (0.2.1)
    minitest (5.5.0)
    multi_json (1.10.1)
    multi_xml (0.5.5)
    multipart-post (2.0.0)
    neat (1.7.0)
      bourbon (>= 4.0)
      sass (>= 3.3)
    nenv (0.1.1)
    power_assert (0.2.2)
    pry (0.10.1)
      coderay (~> 1.1.0)
      method_source (~> 0.8.1)
      slop (~> 3.4)
    psych (2.0.8)
    rack (1.6.0)
    rake (10.4.2)
    rb-fsevent (0.9.4)
    rb-inotify (0.9.5)
      ffi (>= 0.5.0)
    rdoc (4.2.0)
      json (~> 1.4)
    sass (3.4.9)
    siteleaf (0.9.15)
      httmultiparty
      httparty
      rack
    slop (3.6.0)
    test-unit (3.0.8)
      power_assert
    thor (0.19.1)
    timers (4.0.1)
      hitimes

PLATFORMS
  ruby

DEPENDENCIES
  bigdecimal
  bitters
  bourbon
  celluloid
  chunky_png
  coderay
  compass
  em-websocket
  eventmachine
  ffi
  formatador
  fssm
  guard
  guard-livereload
  guard-sass
  httmultiparty
  http_parser.rb
  httparty
  io-console
  json
  listen
  lumberjack
  method_source
  mimemagic
  minitest
  multi_json
  multi_xml
  multipart-post
  neat
  pry
  psych
  rack
  rake
  rb-fsevent
  rb-inotify
  rdoc
  sass
  siteleaf
  slop
  test-unit
  thor
  timers
